GEM
  remote: https://rubygems.org/
  specs:
    celluloid (0.16.0)
      timers (~> 4.0.0)
    erubis (2.7.0)
    fitgem (0.10.0)
      oauth
    hashie (3.4.1)
    hitimes (1.2.2)
    kgio (2.9.3)
    multi_json (1.11.0)
    multi_xml (0.5.5)
    mysql2 (0.3.18)
    oauth (0.4.7)
    omniauth (1.2.2)
      hashie (>= 1.2, < 4)
      rack (~> 1.0)
    omniauth-fitbit (1.0.5)
      multi_xml
      omniauth-oauth (~> 1.0)
    omniauth-oauth (1.1.0)
      oauth
      omniauth (~> 1.0)
    psych (2.0.13)
    rack (1.6.1)
    rack-protection (1.5.3)
      rack
    sequel (4.22.0)
    sinatra (1.4.6)
      rack (~> 1.4)
      rack-protection (~> 1.4)
      tilt (>= 1.3, < 3)
    tilt (2.0.1)
    timers (4.0.1)
      hitimes

PLATFORMS
  ruby

DEPENDENCIES
  bundler
  celluloid
  erubis
  fitgem
  kgio
  multi_json
  mysql2
  omniauth
  omniauth-fitbit
  psych
  sequel
  sinatra
