GEM
  remote: https://rubygems.org/
  specs:
    celluloid (0.15.2)
      timers (~> 1.1.0)
    dalli (2.7.0)
    erubis (2.7.0)
    fitgem (0.9.0)
      oauth
    hashie (2.0.5)
    kgio (2.9.2)
    multi_json (1.8.4)
    multi_xml (0.5.5)
    mysql2 (0.3.15)
    oauth (0.4.7)
    omniauth (1.2.1)
      hashie (>= 1.2, < 3)
      rack (~> 1.0)
    omniauth-fitbit (1.0.3)
      multi_xml
      omniauth-oauth (~> 1.0)
    omniauth-oauth (1.0.1)
      oauth
      omniauth (~> 1.0)
    rack (1.5.2)
    rack-protection (1.5.2)
      rack
    raindrops (0.13.0)
    sequel (4.7.0)
    sinatra (1.4.4)
      rack (~> 1.4)
      rack-protection (~> 1.4)
      tilt (~> 1.3, >= 1.3.4)
    tilt (1.4.1)
    timers (1.1.0)
    unicorn (4.8.2)
      kgio (~> 2.6)
      rack
      raindrops (~> 0.7)

PLATFORMS
  ruby

DEPENDENCIES
  bundler
  celluloid
  dalli
  erubis
  fitgem
  kgio
  multi_json
  mysql2
  omniauth
  omniauth-fitbit
  sequel
  sinatra
  unicorn
